GEM
  remote: http://rubygems.org/
  specs:
    actionpack (5.1.1)
      actionview (= 5.1.1)
      activesupport (= 5.1.1)
      rack (~> 2.0)
      rack-test (~> 0.6.3)
      rails-dom-testing (~> 2.0)
      rails-html-sanitizer (~> 1.0, >= 1.0.2)
    actionview (5.1.1)
      activesupport (= 5.1.1)
      builder (~> 3.1)
      erubi (~> 1.4)
      rails-dom-testing (~> 2.0)
      rails-html-sanitizer (~> 1.0, >= 1.0.3)
    activemodel (5.1.1)
      activesupport (= 5.1.1)
    activemodel-serializers-xml (1.0.1)
      activemodel (> 5.x)
      activerecord (> 5.x)
      activesupport (> 5.x)
      builder (~> 3.1)
    activerecord (5.1.1)
      activemodel (= 5.1.1)
      activesupport (= 5.1.1)
      arel (~> 8.0)
    activesupport (5.1.1)
      concurrent-ruby (~> 1.0, >= 1.0.2)
      i18n (~> 0.7)
      minitest (~> 5.1)
      tzinfo (~> 1.1)
    addressable (2.5.1)
      public_suffix (~> 2.0, >= 2.0.2)
    archive-zip (0.7.0)
      io-like (~> 0.3.0)
    arel (8.0.0)
    aws-sdk (2.9.14)
      aws-sdk-resources (= 2.9.14)
    aws-sdk-core (2.9.14)
      aws-sigv4 (~> 1.0)
      jmespath (~> 1.0)
    aws-sdk-resources (2.9.14)
      aws-sdk-core (= 2.9.14)
    aws-sigv4 (1.0.0)
    builder (3.2.3)
    capybara (2.14.0)
      addressable
      mime-types (>= 1.16)
      nokogiri (>= 1.3.3)
      rack (>= 1.0.0)
      rack-test (>= 0.5.4)
      xpath (~> 2.0)
    capybara-screenshot (1.0.14)
      capybara (>= 1.0, < 3)
      launchy
    childprocess (0.6.3)
      ffi (~> 1.0, >= 1.0.11)
    chromedriver-helper (1.1.0)
      archive-zip (~> 0.7.0)
      nokogiri (~> 1.6)
    concurrent-ruby (1.0.5)
    cucumber (2.4.0)
      builder (>= 2.1.2)
      cucumber-core (~> 1.5.0)
      cucumber-wire (~> 0.0.1)
      diff-lcs (>= 1.1.3)
      gherkin (~> 4.0)
      multi_json (>= 1.7.5, < 2.0)
      multi_test (>= 0.1.2)
    cucumber-core (1.5.0)
      gherkin (~> 4.0)
    cucumber-wire (0.0.1)
    diff-lcs (1.3)
    draper (3.0.0)
      actionpack (~> 5.0)
      activemodel (~> 5.0)
      activemodel-serializers-xml (~> 1.0)
      activesupport (~> 5.0)
      request_store (~> 1.0)
    erubi (1.6.0)
    faker (1.7.3)
      i18n (~> 0.5)
    ffi (1.9.18)
    gherkin (4.1.1)
    headless (2.3.1)
    i18n (0.8.1)
    io-like (0.3.0)
    jmespath (1.3.1)
    launchy (2.4.3)
      addressable (~> 2.3)
    loofah (2.0.3)
      nokogiri (>= 1.5.9)
    mime-types (3.1)
      mime-types-data (~> 3.2015)
    mime-types-data (3.2016.0521)
    mini_portile2 (2.1.0)
    minitest (5.10.2)
    multi_json (1.12.1)
    multi_test (0.1.2)
    nokogiri (1.7.1)
      mini_portile2 (~> 2.1.0)
    public_suffix (2.0.5)
    rack (2.0.1)
    rack-test (0.6.3)
      rack (>= 1.0)
    rails-dom-testing (2.0.3)
      activesupport (>= 4.2.0)
      nokogiri (>= 1.6)
    rails-html-sanitizer (1.0.3)
      loofah (~> 2.0)
    rake (12.0.0)
    request_store (1.3.2)
    rubyzip (1.2.1)
    selenium-webdriver (2.53.4)
      childprocess (~> 0.5)
      rubyzip (~> 1.0)
      websocket (~> 1.0)
    thread_safe (0.3.6)
    tzinfo (1.2.3)
      thread_safe (~> 0.1)
    websocket (1.2.4)
    xpath (2.0.0)
      nokogiri (~> 1.3)

PLATFORMS
  ruby

DEPENDENCIES
  aws-sdk (~> 2)
  bundler
  capybara
  capybara-screenshot
  chromedriver-helper
  cucumber
  draper
  faker
  headless
  rake
  selenium-webdriver (~> 2.53, >= 2.53.4)

RUBY VERSION
   ruby 2.3.1p112

BUNDLED WITH
   1.14.6
